GIT
  remote: https://github.com/kcdragon/ruby2uml.git
  revision: d837c9d816e9ddbeba0edd852237d5fed3d00fd1
  branch: master
  specs:
    ruby2uml (0.1.2)
      ruby_parser (>= 3.1.3)

GEM
  remote: https://rubygems.org/
  specs:
    builder (3.2.2)
    columnize (0.3.6)
    cucumber (1.3.3)
      builder (>= 2.1.2)
      diff-lcs (>= 1.1.3)
      gherkin (~> 2.12.0)
      multi_json (~> 1.7.5)
      multi_test (~> 0.0.1)
    debugger (1.6.0)
      columnize (>= 0.3.1)
      debugger-linecache (~> 1.2.0)
      debugger-ruby_core_source (~> 1.2.1)
    debugger-linecache (1.2.0)
    debugger-ruby_core_source (1.2.2)
    diff-lcs (1.2.4)
    flay (2.3.0)
      ruby_parser (~> 3.0)
      sexp_processor (~> 4.0)
    flog (4.1.0)
      ruby_parser (~> 3.1, > 3.1.0)
      sexp_processor (~> 4.0)
    fuubar (1.1.1)
      rspec (~> 2.0)
      rspec-instafail (~> 0.2.0)
      ruby-progressbar (~> 1.0)
    gherkin (2.12.0)
      multi_json (~> 1.3)
    multi_json (1.7.7)
    multi_test (0.0.1)
    reek (1.3.1)
      ruby2ruby (~> 2.0.2)
      ruby_parser (~> 3.1.1)
      sexp_processor
    rspec (2.14.0)
      rspec-core (~> 2.14.0)
      rspec-expectations (~> 2.14.0)
      rspec-mocks (~> 2.14.0)
    rspec-core (2.14.2)
    rspec-expectations (2.14.0)
      diff-lcs (>= 1.1.3, < 2.0)
    rspec-instafail (0.2.4)
    rspec-mocks (2.14.1)
    ruby-progressbar (1.1.1)
    ruby2ruby (2.0.6)
      ruby_parser (~> 3.1)
      sexp_processor (~> 4.0)
    ruby_parser (3.1.3)
      sexp_processor (~> 4.1)
    sexp_processor (4.2.1)

PLATFORMS
  ruby

DEPENDENCIES
  cucumber (~> 1.3.3)
  debugger
  flay (~> 2.3.0)
  flog (~> 4.1.0)
  fuubar (~> 1.1.1)
  reek (~> 1.3.1)
  rspec (~> 2.14.0)
  ruby2ruby (~> 2.0.6)
  ruby2uml!
  ruby_parser (~> 3.1.3)
